GEM
  remote: https://rubygems.org/
  specs:
    dotenv (2.2.1)
    eventmachine (1.2.3)
    faraday (0.12.1)
      multipart-post (>= 1.2, < 3)
    faraday_middleware (0.11.0.1)
      faraday (>= 0.7.4, < 1.0)
    faye-websocket (0.10.7)
      eventmachine (>= 0.12.0)
      websocket-driver (>= 0.5.1)
    hashie (3.5.5)
    http_router (0.11.2)
      rack (>= 1.0.0)
      url_mount (~> 0.2.1)
    i18n (0.8.5)
    ice_nine (0.11.2)
    lita (4.7.1)
      bundler (>= 1.3)
      faraday (>= 0.8.7)
      http_router (>= 0.11.2)
      i18n (>= 0.6.9)
      ice_nine (>= 0.11.0)
      multi_json (>= 1.7.7)
      puma (>= 2.7.1)
      rack (>= 1.5.2, < 2.0.0)
      rb-readline (>= 0.5.1)
      redis-namespace (>= 1.3.0)
      thor (>= 0.18.1)
    lita-alias (0.0.1)
      lita (>= 4.3)
    lita-consul (0.0.7)
      lita (>= 4.6)
    lita-dotenv (0.9.0)
      dotenv (~> 2.0)
      lita (>= 4.4)
    lita-slack (1.8.0)
      eventmachine
      faraday
      faye-websocket (>= 0.8.0)
      lita (>= 4.7.1)
      multi_json
    lita-teamcity (0.1.1)
      lita (>= 4.7)
      teamcity (>= 1.3.2)
    multi_json (1.12.1)
    multipart-post (2.0.0)
    puma (3.9.1)
    rack (1.6.8)
    rb-readline (0.5.4)
    redis (3.3.3)
    redis-namespace (1.5.3)
      redis (~> 3.0, >= 3.0.4)
    teamcity (1.3.2)
      faraday (~> 0.12.0)
      faraday_middleware
      hashie (>= 2.0)
    thor (0.19.4)
    url_mount (0.2.1)
      rack
    websocket-driver (0.6.5)
      websocket-extensions (>= 0.1.0)
    websocket-extensions (0.1.2)

PLATFORMS
  ruby

DEPENDENCIES
  lita
  lita-alias
  lita-consul
  lita-dotenv
  lita-slack
  lita-teamcity

BUNDLED WITH
   1.15.1
